GEM
  specs:
    awesome_print (1.7.0)
    colorize (0.7.7)
    diff-lcs (1.2.5)
    httparty (0.13.7)
      json (~> 1.8)
      multi_xml (>= 0.5.2)
    json (1.8.3)
    multi_xml (0.5.5)
    rspec (3.5.0)
      rspec-core (~> 3.5.0)
      rspec-expectations (~> 3.5.0)
      rspec-mocks (~> 3.5.0)
    rspec-core (3.5.4)
      rspec-support (~> 3.5.0)
    rspec-expectations (3.5.0)
      diff-lcs (>= 1.2.0, < 2.0)
      rspec-support (~> 3.5.0)
    rspec-mocks (3.5.0)
      diff-lcs (>= 1.2.0, < 2.0)
      rspec-support (~> 3.5.0)
    rspec-support (3.5.0)

PLATFORMS
  ruby

DEPENDENCIES
  awesome_print
  colorize
  httparty
  rspec

BUNDLED WITH
   1.13.4
